GEM
  remote: https://rubygems.org/
  specs:
    awesome_print (1.1.0)
    blinky (0.0.12)
      chicanery (~> 0.1.0)
      libusb (~> 0.2.2)
    chicanery (0.1.3)
      nokogiri (~> 1)
    coderay (1.0.9)
    daemons (1.1.9)
    ffi (1.9.0)
    gmail_xoauth (0.4.1)
      oauth (>= 0.3.6)
    hashie (2.0.2)
    libusb (0.2.2)
      ffi (>= 1.0)
    method_source (0.8.1)
    mime-types (1.23)
    mini_portile (0.5.0)
    nokogiri (1.6.0)
      mini_portile (~> 0.5.0)
    oauth (0.4.7)
    pry (0.9.12.2)
      coderay (~> 1.0.5)
      method_source (~> 0.8)
      slop (~> 3.4)
    rest-client (1.6.7)
      mime-types (>= 1.16)
    slop (3.4.5)

PLATFORMS
  ruby

DEPENDENCIES
  awesome_print
  blinky
  daemons
  gmail_xoauth
  hashie
  pry
  rest-client
